PATH
  remote: .
  specs:
    entran (0.0.1)
      gli (= 2.5.4)

GEM
  remote: https://rubygems.org/
  specs:
    aruba (0.5.1)
      childprocess (~> 0.3.6)
      cucumber (>= 1.1.1)
      rspec-expectations (>= 2.7.0)
    builder (3.2.0)
    childprocess (0.3.9)
      ffi (~> 1.0, >= 1.0.11)
    cucumber (1.2.3)
      builder (>= 2.1.2)
      diff-lcs (>= 1.1.3)
      gherkin (~> 2.11.6)
      multi_json (~> 1.3)
    diff-lcs (1.2.1)
    faraday (0.8.6)
      multipart-post (~> 1.1)
    faraday_middleware (0.9.0)
      faraday (>= 0.7.4, < 0.9)
    ffi (1.4.0)
    gherkin (2.11.6)
      json (>= 1.7.6)
    gli (2.5.4)
    hashie (1.2.0)
    json (1.7.7)
    multi_json (1.6.1)
    multipart-post (1.2.0)
    nokogiri (1.5.6)
    rake (10.0.3)
    rdoc (4.0.0)
      json (~> 1.4)
    rspec-expectations (2.13.0)
      diff-lcs (>= 1.1.3, < 2.0)
    zipruby (0.3.6)

PLATFORMS
  ruby

DEPENDENCIES
  aruba
  entran!
  faraday
  faraday_middleware
  gli
  hashie
  multipart-post
  nokogiri
  rake
  rdoc
  zipruby
